PATH
  remote: .
  specs:
    spine-http (0.3.0)
      spine-content_types (~> 0.1)

GEM
  remote: https://rubygems.org/
  specs:
    multi_json (1.11.2)
    rake (10.5.0)
    spine-content_types (0.1.2)
      multi_json (~> 1.0)

PLATFORMS
  ruby

DEPENDENCIES
  bundler (~> 1.10)
  rake (~> 10.0)
  spine-http!

BUNDLED WITH
   1.11.2
